GEM
  remote: https://rubygems.org/
  specs:
    language_server-protocol (3.16.0.3)
    prettier_print (0.1.0)
    ruby-lsp (0.3.0)
      language_server-protocol
      sorbet-runtime
      syntax_tree (>= 3.4)
    sorbet-runtime (0.5.10353)
    syntax_tree (3.4.0)
      prettier_print

PLATFORMS
  x86_64-darwin-21

DEPENDENCIES
  ruby-lsp

BUNDLED WITH
   2.3.7
